STORAGE: NONE
NUGET
  remote: https://api.nuget.org/v3/index.json
    Elmish (4.2)
    Fable.AST (4.6) - restriction: >= netstandard2.0
    Fable.Browser.Blob (1.4) - restriction: >= netstandard2.0
      Fable.Core (>= 3.2.8) - restriction: >= netstandard2.0
      FSharp.Core (>= 4.7.2) - restriction: >= netstandard2.0
    Fable.Browser.Dom (2.18.1) - restriction: >= netstandard2.0
      Fable.Browser.Blob (>= 1.4) - restriction: >= netstandard2.0
      Fable.Browser.Event (>= 1.7) - restriction: >= netstandard2.0
      Fable.Browser.WebStorage (>= 1.3) - restriction: >= netstandard2.0
      Fable.Core (>= 3.2.8) - restriction: >= netstandard2.0
      FSharp.Core (>= 4.7.2) - restriction: >= netstandard2.0
    Fable.Browser.Event (1.7) - restriction: >= netstandard2.0
      Fable.Browser.Gamepad (>= 1.3) - restriction: >= netstandard2.0
      Fable.Core (>= 3.2.8) - restriction: >= netstandard2.0
      FSharp.Core (>= 4.7.2) - restriction: >= netstandard2.0
    Fable.Browser.Gamepad (1.3) - restriction: >= netstandard2.0
      Fable.Core (>= 3.2.8) - restriction: >= netstandard2.0
      FSharp.Core (>= 4.7.2) - restriction: >= netstandard2.0
    Fable.Browser.WebStorage (1.3) - restriction: >= netstandard2.0
      Fable.Browser.Event (>= 1.6) - restriction: >= netstandard2.0
      Fable.Core (>= 3.2.8) - restriction: >= netstandard2.0
      FSharp.Core (>= 4.7.2) - restriction: >= netstandard2.0
    Fable.Core (4.4) - restriction: >= netstandard2.0
    Fable.Elmish (4.2)
      Fable.Core (>= 3.7.1) - restriction: >= netstandard2.0
      FSharp.Core (>= 4.7.2) - restriction: >= netstandard2.0
    Fable.Elmish.HMR (7.0)
      Fable.Core (>= 3.7.1) - restriction: >= netstandard2.0
      Fable.Elmish.React (>= 4.0) - restriction: >= netstandard2.0
      FSharp.Core (>= 4.7.2) - restriction: >= netstandard2.0
    Fable.Elmish.React (4.0) - restriction: >= netstandard2.0
      Fable.Elmish (>= 4.0) - restriction: >= netstandard2.0
      Fable.ReactDom.Types (>= 18.0) - restriction: >= netstandard2.0
      FSharp.Core (>= 4.7.2) - restriction: >= netstandard2.0
    Fable.React.Types (18.4) - restriction: >= netstandard2.0
      Fable.Browser.Dom (>= 2.4.4) - restriction: >= netstandard2.0
      Fable.Core (>= 3.2.7) - restriction: >= netstandard2.0
      FSharp.Core (>= 4.7.2) - restriction: >= netstandard2.0
    Fable.ReactDom.Types (18.2) - restriction: >= netstandard2.0
      Fable.React.Types (>= 18.3) - restriction: >= netstandard2.0
      FSharp.Core (>= 4.7.2) - restriction: >= netstandard2.0
    Feliz (2.9)
      Fable.ReactDom.Types (>= 18.2) - restriction: >= netstandard2.0
      Feliz.CompilerPlugins (>= 2.2) - restriction: >= netstandard2.0
      FSharp.Core (>= 4.7.2) - restriction: >= netstandard2.0
    Feliz.CompilerPlugins (2.2) - restriction: >= netstandard2.0
      Fable.AST (>= 4.2.1) - restriction: >= netstandard2.0
      FSharp.Core (>= 4.7.2) - restriction: >= netstandard2.0
    Feliz.Shadcn (0.9.1)
      Feliz (>= 2.8) - restriction: >= netstandard2.0
      FSharp.Core (>= 9.0.100) - restriction: >= netstandard2.0
    FSharp.Core (9.0.201) - restriction: >= netstandard2.0
